PATH
  remote: .
  specs:
    powermate (1.0.0)

GEM
  remote: https://rubygems.org/
  specs:

PLATFORMS
  ruby

DEPENDENCIES
  powermate!
