GEM
  remote: https://rubygems.org/
  specs:
    coderay (1.1.0)
    method_source (0.8.2)
    minitest (5.3.1)
    pry (0.9.12.6)
      coderay (~> 1.0)
      method_source (~> 0.8)
      slop (~> 3.4)
    pry-rails (0.3.2)
      pry (>= 0.9.10)
    rake (10.1.1)
    slop (3.5.0)

PLATFORMS
  ruby

DEPENDENCIES
  minitest
  pry-rails
  rake
