PATH
  remote: .
  specs:
    powermate (0.0.1)

GEM
  remote: https://rubygems.org/
  specs:
    autogc (0.0.3)
    coderay (1.1.0)
    datet (0.0.25)
    ffi (1.9.3)
    gettext (3.1.1)
      locale (>= 2.0.5)
      text
    gir_ffi (0.7.3)
      ffi (~> 1.8)
      indentation (~> 0.1.1)
    gir_ffi-gtk (0.7.1)
      gir_ffi (~> 0.7.3)
    gtk3assist (0.0.9)
      gir_ffi-gtk
      xml-simple
    http2 (0.0.23)
    indentation (0.1.1)
    knjrbfw (0.0.107)
      datet
      http2
      php4r
      ruby_process
      tsafe
      wref
    locale (2.1.0)
    method_source (0.8.2)
    minitest (5.3.1)
    php4r (0.0.4)
      datet
      http2
      string-strtr
    pry (0.9.12.6)
      coderay (~> 1.0)
      method_source (~> 0.8)
      slop (~> 3.4)
    pulseaudio (0.0.9)
      autogc
      gettext
      gir_ffi
      gtk3assist
      knjrbfw
      wref
    rake (10.1.1)
    ruby_process (0.0.9)
      tsafe
      wref
    slop (3.5.0)
    string-strtr (0.0.3)
    text (1.2.3)
    tsafe (0.0.11)
    wref (0.0.6)
    xml-simple (1.1.3)

PLATFORMS
  ruby

DEPENDENCIES
  minitest
  powermate!
  pry
  pulseaudio
  rake
